GEM
  remote: https://rubygems.org/
  specs:
    cuba (3.6.0)
      rack (~> 1.6.0)
    rack (1.6.4)
    rack-cors (0.4.0)

PLATFORMS
  ruby

DEPENDENCIES
  cuba
  rack-cors

BUNDLED WITH
   1.11.2
